GEM
  remote: https://rubygems.org/
  specs:
    bcp47 (0.3.3)
      i18n
    coderay (1.1.3)
    concurrent-ruby (1.1.7)
    date_time_precision (0.8.1)
    fhir_models (4.1.0)
      bcp47 (>= 0.3)
      date_time_precision (>= 0.8)
      mime-types (>= 3.0)
      nokogiri (>= 1.10.4)
    i18n (1.8.5)
      concurrent-ruby (~> 1.0)
    method_source (1.0.0)
    mime-types (3.3.1)
      mime-types-data (~> 3.2015)
    mime-types-data (3.2020.0512)
    mini_portile2 (2.8.0)
    nokogiri (1.13.4)
      mini_portile2 (~> 2.8.0)
      racc (~> 1.4)
    pry (0.13.1)
      coderay (~> 1.1)
      method_source (~> 1.0)
    racc (1.6.0)
    rb-readline (0.5.5)

PLATFORMS
  ruby

DEPENDENCIES
  fhir_models
  pry
  rb-readline

BUNDLED WITH
   2.1.4
